GEM
  specs:
    bio (1.5.1)
    faraday (0.11.0)
      multipart-post (>= 1.2, < 3)
    multipart-post (2.0.0)

PLATFORMS
  ruby

DEPENDENCIES
  bio
  faraday

BUNDLED WITH
   1.13.6
